PATH
  remote: .
  specs:
    activejob-google_cloud_tasks (0.1.4)
      activejob
      activesupport
      google-cloud-tasks (~> 0.2.6)
      rack (>= 2.0.6)

GEM
  remote: https://rubygems.org/
  specs:
    activejob (5.2.1.1)
      activesupport (= 5.2.1.1)
      globalid (>= 0.3.6)
    activesupport (5.2.1.1)
      concurrent-ruby (~> 1.0, >= 1.0.2)
      i18n (>= 0.7, < 2)
      minitest (~> 5.1)
      tzinfo (~> 1.1)
    addressable (2.5.2)
      public_suffix (>= 2.0.2, < 4.0)
    concurrent-ruby (1.1.3)
    diff-lcs (1.3)
    faraday (0.15.4)
      multipart-post (>= 1.2, < 3)
    globalid (0.4.1)
      activesupport (>= 4.2.0)
    google-cloud-tasks (0.2.6)
      google-gax (~> 1.3)
      grpc-google-iam-v1 (~> 0.6.9)
    google-gax (1.4.0)
      google-protobuf (~> 3.2)
      googleapis-common-protos (>= 1.3.5, < 2.0)
      googleauth (~> 0.6.2)
      grpc (>= 1.7.2, < 2.0)
      rly (~> 0.2.3)
    google-protobuf (3.6.1-universal-darwin)
    googleapis-common-protos (1.3.7)
      google-protobuf (~> 3.0)
      googleapis-common-protos-types (~> 1.0)
      grpc (~> 1.0)
    googleapis-common-protos-types (1.0.2)
      google-protobuf (~> 3.0)
    googleauth (0.6.7)
      faraday (~> 0.12)
      jwt (>= 1.4, < 3.0)
      memoist (~> 0.16)
      multi_json (~> 1.11)
      os (>= 0.9, < 2.0)
      signet (~> 0.7)
    grpc (1.16.0-universal-darwin)
      google-protobuf (~> 3.1)
      googleapis-common-protos-types (~> 1.0.0)
    grpc-google-iam-v1 (0.6.9)
      googleapis-common-protos (>= 1.3.1, < 2.0)
      grpc (~> 1.0)
    i18n (1.1.1)
      concurrent-ruby (~> 1.0)
    jwt (2.1.0)
    memoist (0.16.0)
    minitest (5.11.3)
    multi_json (1.13.1)
    multipart-post (2.0.0)
    os (1.0.0)
    public_suffix (3.0.3)
    rack (2.0.6)
    rack-test (1.1.0)
      rack (>= 1.0, < 3)
    rake (10.5.0)
    rly (0.2.3)
    rspec (3.8.0)
      rspec-core (~> 3.8.0)
      rspec-expectations (~> 3.8.0)
      rspec-mocks (~> 3.8.0)
    rspec-core (3.8.0)
      rspec-support (~> 3.8.0)
    rspec-expectations (3.8.2)
      diff-lcs (>= 1.2.0, < 2.0)
      rspec-support (~> 3.8.0)
    rspec-mocks (3.8.0)
      diff-lcs (>= 1.2.0, < 2.0)
      rspec-support (~> 3.8.0)
    rspec-support (3.8.0)
    signet (0.11.0)
      addressable (~> 2.3)
      faraday (~> 0.9)
      jwt (>= 1.5, < 3.0)
      multi_json (~> 1.10)
    thread_safe (0.3.6)
    tzinfo (1.2.5)
      thread_safe (~> 0.1)

PLATFORMS
  ruby

DEPENDENCIES
  activejob-google_cloud_tasks!
  bundler (~> 1.17)
  rack-test
  rake (~> 10.0)
  rspec (~> 3.0)

BUNDLED WITH
   1.17.1
